STORAGE: NONE
RESTRICTION: || (== netcoreapp3.0) (== netstandard2.0)
NUGET
  remote: https://api.nuget.org/v3/index.json
    Bolero (0.5.29-preview1)
      Elmish (>= 2.0 < 3.0)
      FSharp.Core (>= 4.5)
      Microsoft.AspNetCore.Blazor (3.0.0-preview5-19227-01)
    Bolero.Build (0.5.29-preview1)
    Elmish (2.0.3)
      FSharp.Core (>= 4.5.2)
    FSharp.Core (4.5.4)
    Microsoft.AspNetCore.Blazor (3.0.0-preview5-19227-01)
      Microsoft.AspNetCore.Components.Browser (>= 3.0.0-preview5-19227-01)
      Mono.WebAssembly.Interop (>= 3.0.0-preview5.19227.9)
    Microsoft.AspNetCore.Blazor.Build (3.0.0-preview5-19227-01)
      Microsoft.AspNetCore.Blazor.Mono (>= 0.10.0-preview-20190325.1)
    Microsoft.AspNetCore.Blazor.DevServer (3.0.0-preview5-19227-01)
    Microsoft.AspNetCore.Blazor.Mono (0.10.0-preview-20190325.1)
    Microsoft.AspNetCore.Components (3.0.0-preview5-19227-01)
      Microsoft.JSInterop (>= 3.0.0-preview5.19227.9)
      System.ComponentModel.Annotations (>= 4.6.0-preview5.19224.8)
    Microsoft.AspNetCore.Components.Browser (3.0.0-preview5-19227-01)
      Microsoft.AspNetCore.Components (>= 3.0.0-preview5-19227-01)
      Microsoft.Extensions.DependencyInjection (>= 3.0.0-preview5.19227.9)
    Microsoft.Extensions.DependencyInjection (3.0.0-preview5.19227.9)
      Microsoft.Extensions.DependencyInjection.Abstractions (>= 3.0.0-preview5.19227.9)
    Microsoft.Extensions.DependencyInjection.Abstractions (3.0.0-preview5.19227.9)
    Microsoft.JSInterop (3.0.0-preview5.19227.9)
    Mono.WebAssembly.Interop (3.0.0-preview5.19227.9)
      Microsoft.JSInterop (>= 3.0.0-preview5.19227.9)
    System.ComponentModel.Annotations (4.6.0-preview5.19224.8)
